GEM
  remote: https://rubygems.org/
  specs:
    coderay (1.1.3)
    dotenv (2.8.1)
    method_source (1.1.0)
    pg (1.6.2-x86_64-linux)
    pry (0.15.2)
      coderay (~> 1.1)
      method_source (~> 1.0)

PLATFORMS
  x86_64-linux

DEPENDENCIES
  dotenv (~> 2.8)
  pg (~> 1.5)
  pry (~> 0.14)

BUNDLED WITH
   2.4.6
